PATH
  remote: .
  specs:
    observatory (0.0.1)

GEM
  remote: http://rubygems.org/
  specs:
    bluecloth (2.1.0)
    yard (0.6.8)

PLATFORMS
  ruby

DEPENDENCIES
  bluecloth (~> 2.1)
  observatory!
  yard (~> 0.6)
