PATH
  remote: .
  specs:
    observatory (0.0.1)

GEM
  remote: http://rubygems.org/
  specs:
    bluecloth (2.1.0)
    rake (0.9.0)
    yard (0.7.1)

PLATFORMS
  ruby

DEPENDENCIES
  bluecloth (~> 2.1)
  observatory!
  rake (~> 0.9)
  yard (~> 0.7)
